GEM
  remote: https://rubygems.org/
  specs:
    terraform-template-renderer (0.1.0)

PLATFORMS
  ruby

DEPENDENCIES
  terraform-template-renderer

BUNDLED WITH
   1.16.1
